GIT
  remote: git://github.com/soupcms/soupcms-api.git
  revision: d8685831f485ce9b7d26fe6b3d28f0324d992fee
  specs:
    soupcms-api (0.5.0)
      bson_ext
      mongo

GIT
  remote: git://github.com/soupcms/soupcms-cli.git
  revision: 9f1c9c1a4e2b727070a32d373815378d3c5681d3
  specs:
    soupcms-cli (0.5.4)
      bson_ext (~> 1.10)
      mongo (~> 1.10)
      thor (~> 0.19)

GIT
  remote: git://github.com/soupcms/soupcms-common.git
  revision: e2704d3079df7f240735921a909e83340d803021
  specs:
    soupcms-common (0.5.0)

GIT
  remote: git://github.com/soupcms/soupcms-core.git
  revision: 2da305426ec8cc47b5f0b12a99a7ac0156a8ff88
  specs:
    soupcms-core (0.5.0)
      bootstrap-sass
      sass
      slim
      sprockets-helpers

GIT
  remote: git://github.com/sstephenson/sprockets.git
  revision: 2a658ff971b44ee995bf3205a991005f8dbdca1d
  ref: 2a658ff971b44ee995bf3205a991005f8dbdca1d
  specs:
    sprockets (2.12.0)
      hike (~> 1.2)
      rack (~> 1.0)

GEM
  remote: https://rubygems.org/
  specs:
    bootstrap-sass (3.1.1.1)
      sass (~> 3.2)
    bson (1.10.1)
    bson_ext (1.10.1)
      bson (~> 1.10.1)
    coderay (1.1.0)
    daemon_controller (1.2.0)
    dotenv (0.7.0)
    foreman (0.66.0)
      dotenv (~> 0.7.0)
      thor (~> 0.19.1)
    hike (1.2.3)
    kramdown (1.3.3)
    mini_portile (0.6.0)
    mongo (1.10.1)
      bson (~> 1.10.1)
    nokogiri (1.6.2.1)
      mini_portile (= 0.6.0)
    passenger (4.0.42)
      daemon_controller (>= 1.2.0)
      rack
      rake (>= 0.8.1)
    puma (2.8.2)
      rack (>= 1.1, < 2.0)
    rack (1.5.2)
    rake (10.3.2)
    sass (3.3.7)
    slim (2.0.2)
      temple (~> 0.6.6)
      tilt (>= 1.3.3, < 2.1)
    sprockets-helpers (1.1.0)
      sprockets (~> 2.0)
    temple (0.6.7)
    thor (0.19.1)
    tilt (2.0.1)

PLATFORMS
  ruby

DEPENDENCIES
  bson_ext
  coderay
  foreman
  kramdown
  mongo
  nokogiri
  passenger
  puma
  soupcms-api!
  soupcms-cli!
  soupcms-common!
  soupcms-core!
  sprockets!
